PATH
  remote: .
  specs:
    superconfig2 (0.0.1)

GEM
  remote: https://rubygems.org/
  specs:

PLATFORMS
  ruby

DEPENDENCIES
  superconfig2!

BUNDLED WITH
   1.17.3
